GEM
  remote: https://rubygems.org/
  specs:
    power_assert (0.2.6)
    rake (11.3.0)
    test-unit (3.1.5)
      power_assert

PLATFORMS
  x64-mingw32

DEPENDENCIES
  rake
  test-unit

BUNDLED WITH
   1.13.6
